GEM
  remote: https://rubygems.org/
  specs:
    chronic (0.9.1)
    nokogiri (1.5.5)

PLATFORMS
  ruby

DEPENDENCIES
  chronic
  nokogiri
